GIT
  remote: https://github.com/Shopify/ruby_memcheck
  revision: d7e41d1b39ff6a52ab669b6f1fe8750b401f3536
  branch: suppress-intern
  specs:
    ruby_memcheck (2.2.0)
      nokogiri

PATH
  remote: .
  specs:
    prism (0.17.1)

GEM
  remote: https://rubygems.org/
  specs:
    ffi (1.15.5)
    mini_portile2 (2.8.5)
    nokogiri (1.15.4)
      mini_portile2 (~> 2.8.2)
      racc (~> 1.4)
    power_assert (2.0.3)
    racc (1.7.3)
    rake (13.0.6)
    rake-compiler (1.2.5)
      rake
    rbs (3.2.2)
    test-unit (3.6.1)
      power_assert

PLATFORMS
  ruby
  universal-java-17
  universal-java-20

DEPENDENCIES
  ffi
  prism!
  rake
  rake-compiler
  rbs
  ruby_memcheck!
  test-unit

BUNDLED WITH
   2.3.6
